GEM
  specs:
    bson (5.0.0)
    date (3.3.3)
    mongo (2.20.0)
      bson (>= 4.14.1, < 6.0.0)
    time (0.2.2)
      date

PLATFORMS
  x64-mingw-ucrt

DEPENDENCIES
  mongo
  time

BUNDLED WITH
   2.5.10
